GEM
  remote: https://rubygems.org/
  specs:
    actionmailer (3.2.9)
      actionpack (= 3.2.9)
      mail (~> 2.4.4)
    actionpack (3.2.9)
      activemodel (= 3.2.9)
      activesupport (= 3.2.9)
      builder (~> 3.0.0)
      erubis (~> 2.7.0)
      journey (~> 1.0.4)
      rack (~> 1.4.0)
      rack-cache (~> 1.2)
      rack-test (~> 0.6.1)
      sprockets (~> 2.2.1)
    activemodel (3.2.9)
      activesupport (= 3.2.9)
      builder (~> 3.0.0)
    activerecord (3.2.9)
      activemodel (= 3.2.9)
      activesupport (= 3.2.9)
      arel (~> 3.0.2)
      tzinfo (~> 0.3.29)
    activeresource (3.2.9)
      activemodel (= 3.2.9)
      activesupport (= 3.2.9)
    activesupport (3.2.9)
      i18n (~> 0.6)
      multi_json (~> 1.0)
    addressable (2.3.2)
    arel (3.0.2)
    bootstrap-sass (2.1.1.0)
    builder (3.0.4)
    capybara (1.1.2)
      mime-types (>= 1.16)
      nokogiri (>= 1.3.3)
      rack (>= 1.0.0)
      rack-test (>= 0.5.4)
      selenium-webdriver (~> 2.0)
      xpath (~> 0.1.4)
    childprocess (0.3.6)
      ffi (~> 1.0, >= 1.0.6)
<<<<<<< HEAD
    coderay (1.0.8)
=======
<<<<<<< HEAD
<<<<<<< HEAD
    coderay (1.0.8)
=======
>>>>>>> 3472c744e73fe46507bd5975461d048e7271563d
=======
    coderay (1.0.8)
>>>>>>> 175ee1b65cfcf95602954802c35750fdc71bfafc
>>>>>>> origin
    coffee-rails (3.2.2)
      coffee-script (>= 2.2.0)
      railties (~> 3.2.0)
    coffee-script (2.2.0)
      coffee-script-source
      execjs
    coffee-script-source (1.4.0)
    cucumber (1.2.1)
      builder (>= 2.1.2)
      diff-lcs (>= 1.1.3)
      gherkin (~> 2.11.0)
      json (>= 1.4.6)
    cucumber-rails (1.3.0)
      capybara (>= 1.1.2)
      cucumber (>= 1.1.8)
      nokogiri (>= 1.5.0)
    cucumber-rails-training-wheels (1.0.0)
      cucumber-rails (>= 1.1.1)
    database_cleaner (0.9.1)
    diff-lcs (1.1.3)
    erubis (2.7.0)
    execjs (1.4.0)
      multi_json (~> 1.0)
    ffi (1.2.0)
    ffi (1.2.0-x86-mingw32)
    gherkin (2.11.5)
      json (>= 1.4.6)
<<<<<<< HEAD
    gherkin (2.11.5-x86-mingw32)
      json (>= 1.4.6)
=======
<<<<<<< HEAD
=======
    gherkin (2.11.5-x86-mingw32)
      json (>= 1.4.6)
>>>>>>> 175ee1b65cfcf95602954802c35750fdc71bfafc
>>>>>>> origin
    googlecharts (1.6.8)
    guard (1.5.4)
      listen (>= 0.4.2)
      lumberjack (>= 1.0.2)
      pry (>= 0.9.10)
      thor (>= 0.14.6)
    guard-rspec (2.3.0)
      guard (>= 1.1)
      rspec (~> 2.11)
    hike (1.2.1)
    i18n (0.6.1)
    journey (1.0.4)
    jquery-rails (2.1.4)
      railties (>= 3.0, < 5.0)
      thor (>= 0.14, < 2.0)
    json (1.7.5)
<<<<<<< HEAD
=======
<<<<<<< HEAD
<<<<<<< HEAD
    libwebsocket (0.1.6.1)
      websocket
    listen (0.6.0)
    lumberjack (1.0.2)
=======
>>>>>>> origin
    launchy (2.1.2)
      addressable (~> 2.3)
    libwebsocket (0.1.6.1)
      websocket
<<<<<<< HEAD
    listen (0.6.0)
    lumberjack (1.0.2)
=======
>>>>>>> 3472c744e73fe46507bd5975461d048e7271563d
=======
    launchy (2.1.2)
      addressable (~> 2.3)
    libwebsocket (0.1.7.1)
      addressable
      websocket
    listen (0.6.0)
    lumberjack (1.0.2)
>>>>>>> 175ee1b65cfcf95602954802c35750fdc71bfafc
>>>>>>> origin
    mail (2.4.4)
      i18n (>= 0.4.0)
      mime-types (~> 1.16)
      treetop (~> 1.4.8)
    method_source (0.8.1)
    mime-types (1.19)
<<<<<<< HEAD
    multi_json (1.3.7)
=======
<<<<<<< HEAD
    multi_json (1.3.7)
=======
    multi_json (1.4.0)
>>>>>>> 175ee1b65cfcf95602954802c35750fdc71bfafc
>>>>>>> origin
    nokogiri (1.5.5)
    nokogiri (1.5.5-x86-mingw32)
    pg (0.14.1)
    pg (0.14.1-x86-mingw32)
    polyglot (0.3.3)
    pry (0.9.10)
      coderay (~> 1.0.5)
      method_source (~> 0.8)
      slop (~> 3.3.1)
    pry (0.9.10-x86-mingw32)
      coderay (~> 1.0.5)
      method_source (~> 0.8)
      slop (~> 3.3.1)
      win32console (~> 1.3)
    rack (1.4.1)
    rack-cache (1.2)
      rack (>= 0.4)
    rack-ssl (1.3.2)
      rack
    rack-test (0.6.2)
      rack (>= 1.0)
    rails (3.2.9)
      actionmailer (= 3.2.9)
      actionpack (= 3.2.9)
      activerecord (= 3.2.9)
      activeresource (= 3.2.9)
      activesupport (= 3.2.9)
      bundler (~> 1.0)
      railties (= 3.2.9)
    railties (3.2.9)
      actionpack (= 3.2.9)
      activesupport (= 3.2.9)
      rack-ssl (~> 1.3.2)
      rake (>= 0.8.7)
      rdoc (~> 3.4)
      thor (>= 0.14.6, < 2.0)
<<<<<<< HEAD
=======
<<<<<<< HEAD
>>>>>>> origin
    rake (10.0.1)
    rb-fchange (0.0.5)
      ffi
    rb-notifu (0.0.4)
<<<<<<< HEAD
=======
=======
    rake (10.0.2)
    rb-fchange (0.0.6)
      ffi
    rb-fsevent (0.9.2)
    rb-inotify (0.8.8)
      ffi (>= 0.5.0)
>>>>>>> 175ee1b65cfcf95602954802c35750fdc71bfafc
>>>>>>> origin
    rdoc (3.12)
      json (~> 1.4)
    rspec (2.12.0)
      rspec-core (~> 2.12.0)
      rspec-expectations (~> 2.12.0)
      rspec-mocks (~> 2.12.0)
<<<<<<< HEAD
    rspec-core (2.12.1)
=======
<<<<<<< HEAD
    rspec-core (2.12.0)
=======
    rspec-core (2.12.1)
>>>>>>> 175ee1b65cfcf95602954802c35750fdc71bfafc
>>>>>>> origin
    rspec-expectations (2.12.0)
      diff-lcs (~> 1.1.3)
    rspec-mocks (2.12.0)
    rspec-rails (2.12.0)
      actionpack (>= 3.0)
      activesupport (>= 3.0)
      railties (>= 3.0)
      rspec-core (~> 2.12.0)
      rspec-expectations (~> 2.12.0)
      rspec-mocks (~> 2.12.0)
    rubyzip (0.9.9)
    sass (3.2.3)
    sass-rails (3.2.5)
      railties (~> 3.2.0)
      sass (>= 3.1.10)
      tilt (~> 1.3)
    selenium-webdriver (2.26.0)
      childprocess (>= 0.2.5)
      libwebsocket (~> 0.1.3)
      multi_json (~> 1.0)
      rubyzip
    simple-navigation (3.9.0)
      activesupport (>= 2.3.2)
    slop (3.3.3)
<<<<<<< HEAD
    sprockets (2.2.2)
=======
<<<<<<< HEAD
    sprockets (2.2.1)
=======
    sprockets (2.2.2)
>>>>>>> 175ee1b65cfcf95602954802c35750fdc71bfafc
>>>>>>> origin
      hike (~> 1.2)
      multi_json (~> 1.0)
      rack (~> 1.0)
      tilt (~> 1.1, != 1.3.0)
    sqlite3 (1.3.6)
    sqlite3 (1.3.6-x86-mingw32)
    tabs_on_rails (2.1.1)
    thor (0.16.0)
    tilt (1.3.3)
    treetop (1.4.12)
      polyglot
      polyglot (>= 0.3.1)
    tzinfo (0.3.35)
    uglifier (1.3.0)
      execjs (>= 0.3.0)
      multi_json (~> 1.0, >= 1.0.2)
<<<<<<< HEAD
=======
<<<<<<< HEAD
<<<<<<< HEAD
>>>>>>> origin
    wdm (0.0.3)
    websocket (1.0.4)
    win32console (1.3.0)
    win32console (1.3.0-x86-mingw32)
<<<<<<< HEAD
=======
=======
    websocket (1.0.4)
>>>>>>> 3472c744e73fe46507bd5975461d048e7271563d
=======
    websocket (1.0.4)
    win32console (1.3.2-x86-mingw32)
>>>>>>> 175ee1b65cfcf95602954802c35750fdc71bfafc
>>>>>>> origin
    xpath (0.1.4)
      nokogiri (~> 1.3)

PLATFORMS
  ruby
  x86-mingw32

DEPENDENCIES
  bootstrap-sass (~> 2.1.1.0)
  capybara (= 1.1.2)
  coffee-rails (~> 3.2.2)
<<<<<<< HEAD
  cucumber
  cucumber-rails
  cucumber-rails-training-wheels
  database_cleaner
=======
<<<<<<< HEAD
<<<<<<< HEAD
  cucumber
=======
  cucumber-rails
  cucumber-rails-training-wheels
  database_cleaner
>>>>>>> 3472c744e73fe46507bd5975461d048e7271563d
=======
  cucumber
  cucumber-rails
  cucumber-rails-training-wheels
  database_cleaner
>>>>>>> 175ee1b65cfcf95602954802c35750fdc71bfafc
>>>>>>> origin
  googlecharts
  guard-rspec
  jquery-rails
  launchy
  pg
  rails (= 3.2.9)
<<<<<<< HEAD
  rb-fchange (= 0.0.5)
  rb-notifu (= 0.0.4)
=======
<<<<<<< HEAD
  rb-fchange (= 0.0.5)
  rb-notifu (= 0.0.4)
=======
  rb-fchange
  rb-fsevent
  rb-inotify
>>>>>>> 175ee1b65cfcf95602954802c35750fdc71bfafc
>>>>>>> origin
  rspec-rails
  sass-rails (~> 3.2.5)
  simple-navigation
  sqlite3
  tabs_on_rails
  uglifier (>= 1.2.3)
<<<<<<< HEAD
  wdm
=======
<<<<<<< HEAD
<<<<<<< HEAD
  wdm
  win32console (= 1.3.0)
=======
>>>>>>> 3472c744e73fe46507bd5975461d048e7271563d
=======
>>>>>>> 175ee1b65cfcf95602954802c35750fdc71bfafc
>>>>>>> origin
